GIT
  remote: https://github.com/britg/sinatra-cross_origin.git
  revision: 8e169da980222436320330339c370e821bd50467
  specs:
    sinatra-cross_origin (0.1.0)

GIT
  remote: https://github.com/coderanger/raven-ruby.git
  revision: 7852ae8ac501188fe85d72a4f5c919deb54bcb0a
  specs:
    sentry-raven (0.2)
      faraday (~> 0.8.0.rc2)
      hashie
      uuidtools
      yajl-ruby

GEM
  remote: http://rubygems.org/
  specs:
    awesome_print (1.0.2)
    dalli (2.0.5)
    diff-lcs (1.1.3)
    faraday (0.8.1)
      multipart-post (~> 1.1)
    hashie (1.2.0)
    hirb (0.6.2)
    hirb-unicode (0.0.5)
      hirb (~> 0.5)
      unicode-display_width (~> 0.1.1)
    httparty (0.8.3)
      multi_json (~> 1.0)
      multi_xml
    multi_json (1.3.5)
    multi_xml (0.5.1)
    multipart-post (1.1.5)
    nokogiri (1.5.2)
    oj (1.2.8)
    rack (1.4.1)
    rack-protection (1.2.0)
      rack
    rack-test (0.6.1)
      rack (>= 1.0)
    racksh (0.9.11)
      rack (>= 1.0)
      rack-test (>= 0.5)
    rspec (2.10.0)
      rspec-core (~> 2.10.0)
      rspec-expectations (~> 2.10.0)
      rspec-mocks (~> 2.10.0)
    rspec-core (2.10.1)
    rspec-expectations (2.10.0)
      diff-lcs (~> 1.1.3)
    rspec-mocks (2.10.1)
    sinatra (1.3.2)
      rack (~> 1.3, >= 1.3.6)
      rack-protection (~> 1.2)
      tilt (~> 1.3, >= 1.3.3)
    tilt (1.3.3)
    unicode-display_width (0.1.1)
    uuidtools (2.1.2)
    yajl-ruby (1.1.0)

PLATFORMS
  ruby

DEPENDENCIES
  awesome_print
  dalli
  hirb
  hirb-unicode
  httparty
  multi_json
  nokogiri
  oj
  racksh
  rspec
  sentry-raven!
  sinatra
  sinatra-cross_origin!
