PATH
  remote: .
  specs:
    newsparser (0.0.1)

GEM
  remote: http://rubygems.org/
  specs:
    awesome_print (1.0.2)
    diff-lcs (1.1.3)
    hirb (0.6.2)
    httparty (0.8.3)
      multi_json (~> 1.0)
      multi_xml
    multi_json (1.3.5)
    multi_xml (0.5.1)
    nokogiri (1.5.2)
    oj (1.2.8)
    rack (1.4.1)
    rack-protection (1.2.0)
      rack
    rack-test (0.6.1)
      rack (>= 1.0)
    racksh (0.9.11)
      rack (>= 1.0)
      rack-test (>= 0.5)
    rspec (2.10.0)
      rspec-core (~> 2.10.0)
      rspec-expectations (~> 2.10.0)
      rspec-mocks (~> 2.10.0)
    rspec-core (2.10.0)
    rspec-expectations (2.10.0)
      diff-lcs (~> 1.1.3)
    rspec-mocks (2.10.1)
    sinatra (1.3.2)
      rack (~> 1.3, >= 1.3.6)
      rack-protection (~> 1.2)
      tilt (~> 1.3, >= 1.3.3)
    tilt (1.3.3)

PLATFORMS
  ruby

DEPENDENCIES
  awesome_print
  hirb
  httparty
  multi_json
  newsparser!
  nokogiri
  oj
  racksh
  rspec
  sinatra
